PATH
  remote: .
  specs:
    pronounce (0.0.1)

GEM
  remote: https://rubygems.org/
  specs:
    diff-lcs (1.2.4)
    rake (10.1.0)
    rspec (2.14.1)
      rspec-core (~> 2.14.0)
      rspec-expectations (~> 2.14.0)
      rspec-mocks (~> 2.14.0)
    rspec-core (2.14.2)
    rspec-expectations (2.14.0)
      diff-lcs (>= 1.1.3, < 2.0)
    rspec-mocks (2.14.1)

PLATFORMS
  ruby

DEPENDENCIES
  pronounce!
  rake
  rspec (~> 2.14.1)
